GEM
  remote: http://rubygems.org/
  specs:
    addressable (2.2.6)
    amazon-ec2 (0.9.17)
      xml-simple (>= 1.0.12)
    crack (0.3.1)
    hugs (2.3.0)
      multipart-post (~> 1.0.1)
      net-http-persistent (~> 1.4.1)
      nokogiri (~> 1.4.4)
      yajl-ruby (~> 0.7.8)
    log4r (1.1.10)
    multipart-post (1.0.1)
    nagios-probe (0.1.2)
    net-http-persistent (1.4.1)
    nokogiri (1.4.7)
    test-unit (2.4.7)
    vcr (1.11.3)
    webmock (1.7.10)
      addressable (~> 2.2, > 2.2.5)
      crack (>= 0.1.7)
    xml-simple (1.1.1)
    yajl-ruby (0.7.9)

PLATFORMS
  ruby

DEPENDENCIES
  amazon-ec2
  hugs (~> 2.3.0)
  log4r
  multipart-post (~> 1.0.1)
  nagios-probe
  nokogiri (~> 1.4.4)
  test-unit
  vcr
  webmock
