GEM
  remote: http://rubygems.org/
  specs:
    activesupport (3.2.13)
      i18n (~> 0.6)
      multi_json (~> 1.0)
    addressable (2.3.3)
    amazon-ec2 (0.9.17)
      xml-simple (>= 1.0.12)
    amq-client (1.0.0)
      amq-protocol (>= 1.2.0)
      eventmachine
    amq-protocol (1.2.0)
    amqp (1.0.0)
      amq-client (~> 1.0.0)
      amq-protocol (~> 1.2.0)
      eventmachine
    antlr3 (1.8.12)
    crack (0.3.2)
    diff-lcs (1.2.2)
    eventmachine (1.0.3)
    hashie (2.0.3)
    highline (1.6.16)
    httparty (0.10.2)
      multi_json (~> 1.0)
      multi_xml (>= 0.5.2)
    hugs (2.7.1)
      net-http-persistent (~> 1.4.1)
      nokogiri (~> 1.4.4)
      yajl-ruby (~> 0.7.9)
    i18n (0.6.4)
    json (1.7.7)
    log4r (1.1.10)
    multi_json (1.7.3)
    multi_xml (0.5.3)
    multipart-post (1.2.0)
    nagios-probe (0.1.2)
    net-http-persistent (1.4.1)
    nokogiri (1.4.7)
    occi (3.1.0)
      activesupport
      amqp
      antlr3
      hashie
      highline
      httparty
      i18n
      json
      nokogiri
      uuidtools (>= 2.1.3)
    opennebula-oca (3.8.0)
      json
      nokogiri
    rake (10.0.4)
    rspec (2.13.0)
      rspec-core (~> 2.13.0)
      rspec-expectations (~> 2.13.0)
      rspec-mocks (~> 2.13.0)
    rspec-core (2.13.1)
    rspec-expectations (2.13.0)
      diff-lcs (>= 1.1.3, < 2.0)
    rspec-mocks (2.13.0)
    uuidtools (2.1.3)
    vcr (2.4.0)
    webmock (1.9.3)
      addressable (>= 2.2.7)
      crack (>= 0.3.2)
    xml-simple (1.1.2)
    yajl-ruby (0.7.9)

PLATFORMS
  ruby

DEPENDENCIES
  amazon-ec2
  hugs
  log4r
  multipart-post
  nagios-probe
  nokogiri
  occi
  opennebula-oca
  rake
  rspec
  vcr
  webmock (~> 1.9.3)
