GIT
  remote: git://github.com/postmodern/rubygems-tasks.git
  revision: bb26b5a17f3d3405549e70b7425578ef0b9b33e4
  specs:
    rubygems-tasks (0.2.4)

PATH
  remote: .
  specs:
    opennebula_nagios_probe (1.0.1)
      amazon-ec2 (~> 0.9)
      log4r (~> 1.1)
      nagios-probe (~> 0.1)
      occi-api (~> 4.2)
      occi-cli (~> 4.2)
      opennebula-oca (~> 4.4)

GEM
  remote: http://rubygems.org/
  specs:
    activesupport (4.0.3)
      i18n (~> 0.6, >= 0.6.4)
      minitest (~> 4.2)
      multi_json (~> 1.3)
      thread_safe (~> 0.1)
      tzinfo (~> 0.3.37)
    addressable (2.3.5)
    amazon-ec2 (0.9.17)
      xml-simple (>= 1.0.12)
    atomic (1.1.15)
    crack (0.4.2)
      safe_yaml (~> 1.0.0)
    diff-lcs (1.2.5)
    hashie (2.0.5)
    highline (1.6.21)
    httparty (0.13.0)
      json (~> 1.8)
      multi_xml (>= 0.5.2)
    i18n (0.6.9)
    json (1.8.1)
    log4r (1.1.10)
    mini_portile (0.5.2)
    minitest (4.7.5)
    multi_json (1.9.0)
    multi_xml (0.5.5)
    nagios-probe (0.1.2)
    nokogiri (1.6.1)
      mini_portile (~> 0.5.0)
    occi-api (4.2.0)
      httparty
      json
      occi-core (~> 4.2.10)
    occi-cli (4.2.0)
      highline
      json
      occi-api (~> 4.2.0)
    occi-core (4.2.10)
      activesupport (~> 4.0.0)
      hashie
      json
      settingslogic
      uuidtools (>= 2.1.3)
    opennebula (4.4.0)
      json
      nokogiri
    opennebula-oca (4.4.0)
      opennebula (= 4.4.0)
    rake (10.1.1)
    rspec (2.14.1)
      rspec-core (~> 2.14.0)
      rspec-expectations (~> 2.14.0)
      rspec-mocks (~> 2.14.0)
    rspec-core (2.14.8)
    rspec-expectations (2.14.5)
      diff-lcs (>= 1.1.3, < 2.0)
    rspec-mocks (2.14.6)
    safe_yaml (1.0.1)
    settingslogic (2.0.9)
    thread_safe (0.2.0)
      atomic (>= 1.1.7, < 2)
    tzinfo (0.3.38)
    uuidtools (2.1.4)
    vcr (2.8.0)
    webmock (1.17.4)
      addressable (>= 2.2.7)
      crack (>= 0.3.2)
    xml-simple (1.1.3)

PLATFORMS
  ruby

DEPENDENCIES
  bundler (~> 1.3)
  opennebula_nagios_probe!
  rake (~> 10.1)
  rspec (~> 2.14)
  rubygems-tasks!
  vcr (~> 2.8)
  webmock (~> 1.9)
